GEM
  remote: http://rubygems.org/
  specs:
    activemodel (4.0.0.beta1)
      activesupport (= 4.0.0.beta1)
      builder (~> 3.1.0)
    activesupport (4.0.0.beta1)
      i18n (~> 0.6.2)
      minitest (~> 4.2)
      multi_json (~> 1.3)
      thread_safe (~> 0.1)
      tzinfo (~> 0.3.33)
    atomic (1.1.7)
    builder (3.1.4)
    i18n (0.6.4)
    minitest (4.7.1)
    multi_json (1.7.2)
    netrc (0.7.9)
    rest_client (1.8.3)
      netrc (~> 0.7.7)
    ruby-hmac (0.4.0)
    thread_safe (0.1.0)
      atomic
    tzinfo (0.3.37)

PLATFORMS
  ruby

DEPENDENCIES
  activemodel (>= 3.1)
  activesupport (>= 3.1)
  rest_client
  ruby-hmac

BUNDLED WITH
   1.11.2
